GEM
  remote: https://rubygems.org/
  specs:
    autoprefixer-rails (5.2.1.3)
      execjs
      json
    blankslate (3.1.3)
    bootstrap-sass (3.3.6)
      autoprefixer-rails (>= 5.2.1)
      sass (>= 3.3.4)
    chunky_png (1.3.5)
    colorize (0.7.7)
    compass (1.0.3)
      chunky_png (~> 1.2)
      compass-core (~> 1.0.2)
      compass-import-once (~> 1.0.5)
      rb-fsevent (>= 0.9.3)
      rb-inotify (>= 0.9)
      sass (>= 3.3.13, < 3.5)
    compass-core (1.0.3)
      multi_json (~> 1.0)
      sass (>= 3.3.0, < 3.5)
    compass-import-once (1.0.5)
      sass (>= 3.2, < 3.5)
    csscss (1.3.3)
      colorize
      parslet (>= 1.6.1, < 2.0)
    execjs (2.6.0)
    ffi (1.9.10)
    json (1.8.3)
    multi_json (1.11.2)
    parslet (1.7.1)
      blankslate (>= 2.0, <= 4.0)
    rb-fsevent (0.9.7)
    rb-inotify (0.9.5)
      ffi (>= 0.5.0)
    sass (3.3.14)

PLATFORMS
  ruby

DEPENDENCIES
  autoprefixer-rails (~> 5.2.1)
  bootstrap-sass (~> 3.3.3)
  compass (~> 1.0.0)
  csscss (~> 1.3.1)
  json (~> 1.8.1)
  sass (~> 3.3.4)

BUNDLED WITH
   1.11.2
